PATH
  remote: .
  specs:
    encrypted_instant_messaging (0.0.1)
      openssl (~> 2)

GEM
  remote: https://rubygems.org/
  specs:
    diff-lcs (1.3)
    docile (1.3.1)
    json (2.1.0)
    json (2.1.0-java)
    openssl (2.1.2)
    rspec (2.99.0)
      rspec-core (~> 2.99.0)
      rspec-expectations (~> 2.99.0)
      rspec-mocks (~> 2.99.0)
    rspec-core (2.99.2)
    rspec-expectations (2.99.2)
      diff-lcs (>= 1.1.3, < 2.0)
    rspec-mocks (2.99.4)
    simplecov (0.16.1)
      docile (~> 1.1)
      json (>= 1.8, < 3)
      simplecov-html (~> 0.10.0)
    simplecov-html (0.10.2)

PLATFORMS
  java
  ruby

DEPENDENCIES
  encrypted_instant_messaging!
  rspec (~> 2.14)
  simplecov (~> 0.8)

RUBY VERSION
   ruby 2.5.3p105

BUNDLED WITH
   1.17.2
